GEM
  remote: https://rubygems.org/
  remote: http://gems.github.com/
  specs:
    Ascii85 (1.0.2)
    afm (0.2.0)
    cinch (2.0.4)
    diff-lcs (1.2.2)
    hashery (2.1.0)
    levenshtein (0.2.2)
    nokogiri (1.5.9)
    pdf-reader (1.3.3)
      Ascii85 (~> 1.0.0)
      afm (~> 0.2.0)
      hashery (~> 2.0)
      ruby-rc4
      ttfunk
    rspec (2.13.0)
      rspec-core (~> 2.13.0)
      rspec-expectations (~> 2.13.0)
      rspec-mocks (~> 2.13.0)
    rspec-core (2.13.1)
    rspec-expectations (2.13.0)
      diff-lcs (>= 1.1.3, < 2.0)
    rspec-mocks (2.13.0)
    ruby-rc4 (0.1.5)
    ttfunk (1.0.3)

PLATFORMS
  ruby

DEPENDENCIES
  cinch
  levenshtein
  nokogiri
  pdf-reader
  rspec
